GEM
  remote: http://rubygems.org/
  specs:
    activesupport (3.2.12)
      i18n (~> 0.6)
      multi_json (~> 1.0)
    coderay (1.0.9)
    daemons (1.1.9)
    em-websocket (0.5.0)
      eventmachine (>= 0.12.9)
      http_parser.rb (~> 0.5.3)
    eventmachine (1.0.3)
    haml (4.0.0)
      tilt
    http_parser.rb (0.5.3)
    i18n (0.6.4)
    method_source (0.8.1)
    multi_json (1.6.1)
    net-ssh (2.6.6)
    pry (0.9.12)
      coderay (~> 1.0.5)
      method_source (~> 0.8)
      slop (~> 3.4)
    rack (1.5.2)
    rack-protection (1.5.0)
      rack
    rugged (0.16.0)
    sinatra (1.3.5)
      rack (~> 1.4)
      rack-protection (~> 1.3)
      tilt (~> 1.3, >= 1.3.3)
    slop (3.4.4)
    tilt (1.3.5)

PLATFORMS
  ruby

DEPENDENCIES
  activesupport (~> 3.2.12)
  daemons
  em-websocket
  haml
  net-ssh
  pry
  rugged
  sinatra
